PATH
  remote: .
  specs:
    fdc (0.0.5)
      builder (~> 3.1)

GEM
  remote: http://rubygems.org/
  specs:
    builder (3.1)
    rake (0.9.2.2)

PLATFORMS
  ruby

DEPENDENCIES
  fdc!
  rake (~> 0.9.2)
