PATH
  remote: .
  specs:
    igc-kml (0.0.9)
      builder (~> 3.0.0)
      rake (~> 0.9.2)

GEM
  remote: http://rubygems.org/
  specs:
    builder (3.0.0)
    rake (0.9.2.2)

PLATFORMS
  ruby

DEPENDENCIES
  igc-kml!
