PATH
  remote: .
  specs:
    fdc (0.0.2)
      builder (~> 3.0.0)

GEM
  remote: http://rubygems.org/
  specs:
    builder (3.0.0)
    rake (0.9.2.2)

PLATFORMS
  ruby

DEPENDENCIES
  fdc!
  rake (~> 0.9.2)
